GEM
  remote: https://rubygems.org/
  specs:
    addressable (2.3.8)
    babosa (1.0.2)
    colored (1.2)
    commander (4.3.5)
      highline (~> 1.7.2)
    credentials_manager (0.10.0)
      colored
      highline (>= 1.7.1)
      security
    excon (0.45.4)
    faraday (0.9.2)
      multipart-post (>= 1.2, < 3)
    fastimage (1.6.8)
      addressable (~> 2.3, >= 2.3.5)
    fastlane_core (0.26.1)
      babosa
      colored
      commander (>= 4.3.5)
      credentials_manager (>= 0.8.2, < 1.0.0)
      excon (~> 0.45.0)
      highline (>= 1.7.2)
      json
      multi_json
      plist (~> 3.1)
      rubyzip (~> 1.1.6)
      sentry-raven (~> 0.15)
      terminal-table (~> 1.4.5)
    highline (1.7.8)
    json (1.8.3)
    multi_json (1.11.2)
    multipart-post (2.0.0)
    plist (3.1.0)
    rouge (1.10.1)
    rubyzip (1.1.7)
    security (0.1.3)
    sentry-raven (0.15.2)
      faraday (>= 0.7.6)
    snapshot (1.1.1)
      fastimage (~> 1.6.3)
      fastlane_core (>= 0.21.0, < 1.0.0)
      plist (~> 3.1.0)
      xcpretty (>= 0.2.1)
    terminal-table (1.4.5)
    xcpretty (0.2.1)
      rouge (~> 1.8)

PLATFORMS
  ruby

DEPENDENCIES
  snapshot
